PATH
  remote: .
  specs:
    json_builder (3.0.6)
      activesupport (>= 2.0.0)

GEM
  remote: http://rubygems.org/
  specs:
    activesupport (3.0.10)
    i18n (0.5.0)

PLATFORMS
  ruby

DEPENDENCIES
  i18n
  json_builder!
