PATH
  remote: .
  specs:
    json_builder (3.1.7)
      activesupport (>= 2.0.0)
      json

GEM
  remote: http://rubygems.org/
  specs:
    activesupport (3.2.8)
      i18n (~> 0.6)
      multi_json (~> 1.0)
    colorize (0.5.8)
    coveralls (0.6.0)
      colorize
      multi_json (~> 1.3)
      rest-client
      simplecov (>= 0.7)
      thor
    i18n (0.6.0)
    json (1.7.5)
    mime-types (1.21)
    multi_json (1.3.6)
    rake (0.9.2.2)
    rest-client (1.6.7)
      mime-types (>= 1.16)
    simplecov (0.7.1)
      multi_json (~> 1.0)
      simplecov-html (~> 0.7.1)
    simplecov-html (0.7.1)
    thor (0.17.0)
    tzinfo (0.3.31)

PLATFORMS
  ruby

DEPENDENCIES
  coveralls
  i18n
  json_builder!
  rake
  tzinfo
